GEM
  remote: https://gems.ruby-china.org/
  specs:
    addressable (2.5.1)
      public_suffix (~> 2.0, >= 2.0.2)
    bcrypt (3.1.11)
    bcrypt-ruby (3.1.5)
      bcrypt (>= 3.1.3)
    daemons (1.2.5)
    data_mapper (1.2.0)
      dm-aggregates (~> 1.2.0)
      dm-constraints (~> 1.2.0)
      dm-core (~> 1.2.0)
      dm-migrations (~> 1.2.0)
      dm-serializer (~> 1.2.0)
      dm-timestamps (~> 1.2.0)
      dm-transactions (~> 1.2.0)
      dm-types (~> 1.2.0)
      dm-validations (~> 1.2.0)
    data_objects (0.10.17)
      addressable (~> 2.1)
    dm-aggregates (1.2.0)
      dm-core (~> 1.2.0)
    dm-constraints (1.2.0)
      dm-core (~> 1.2.0)
    dm-core (1.2.1)
      addressable (~> 2.3)
    dm-do-adapter (1.2.0)
      data_objects (~> 0.10.6)
      dm-core (~> 1.2.0)
    dm-migrations (1.2.0)
      dm-core (~> 1.2.0)
    dm-noisy-failures (0.2.3)
      data_mapper
    dm-serializer (1.2.2)
      dm-core (~> 1.2.0)
      fastercsv (~> 1.5)
      json (~> 1.6)
      json_pure (~> 1.6)
      multi_json (~> 1.0)
    dm-sqlite-adapter (1.2.0)
      dm-do-adapter (~> 1.2.0)
      do_sqlite3 (~> 0.10.6)
    dm-timestamps (1.2.0)
      dm-core (~> 1.2.0)
    dm-transactions (1.2.0)
      dm-core (~> 1.2.0)
    dm-types (1.2.2)
      bcrypt-ruby (~> 3.0)
      dm-core (~> 1.2.0)
      fastercsv (~> 1.5)
      json (~> 1.6)
      multi_json (~> 1.0)
      stringex (~> 1.4)
      uuidtools (~> 2.1)
    dm-validations (1.2.0)
      dm-core (~> 1.2.0)
    do_sqlite3 (0.10.17)
      data_objects (= 0.10.17)
    domain_name (0.5.20161129)
      unf (>= 0.0.5, < 1.0.0)
    em-websocket (0.3.8)
      addressable (>= 2.1.1)
      eventmachine (>= 0.12.9)
    equatable (0.5.0)
    eventmachine (1.2.5)
    fastercsv (1.5.5)
    hitimes (1.2.6)
    http-cookie (1.0.3)
      domain_name (~> 0.5)
    json (1.8.3)
    json_pure (1.8.3)
    mechanize (2.7.5)
      domain_name (~> 0.5, >= 0.5.1)
      http-cookie (~> 1.0)
      mime-types (>= 1.17.2)
      net-http-digest_auth (~> 1.1, >= 1.1.1)
      net-http-persistent (~> 2.5, >= 2.5.2)
      nokogiri (~> 1.6)
      ntlm-http (~> 0.1, >= 0.1.1)
      webrobots (>= 0.0.9, < 0.2)
    mime-types (3.1)
      mime-types-data (~> 3.2015)
    mime-types-data (3.2016.0521)
    mini_portile2 (2.2.0)
    multi_json (1.12.1)
    mustermann (1.0.0)
    necromancer (0.4.0)
    net-http-digest_auth (1.4.1)
    net-http-persistent (2.9.4)
    nokogiri (1.8.0)
      mini_portile2 (~> 2.2.0)
    ntlm-http (0.1.1)
    pastel (0.7.2)
      equatable (~> 0.5.0)
      tty-color (~> 0.4.0)
    public_suffix (2.0.5)
    rack (2.0.3)
    rack-protection (2.0.0)
      rack
    sinatra (2.0.0)
      mustermann (~> 1.0)
      rack (~> 2.0)
      rack-protection (= 2.0.0)
      tilt (~> 2.0)
    sinatra-websocket (0.3.1)
      em-websocket (~> 0.3.6)
      eventmachine
      thin (>= 1.3.1, < 2.0.0)
    stringex (1.5.1)
    thin (1.7.2)
      daemons (~> 1.0, >= 1.0.9)
      eventmachine (~> 1.0, >= 1.0.4)
      rack (>= 1, < 3)
    tilt (2.0.7)
    timers (4.1.2)
      hitimes
    tty-color (0.4.2)
    tty-cursor (0.5.0)
    tty-prompt (0.13.2)
      necromancer (~> 0.4.0)
      pastel (~> 0.7.0)
      timers (~> 4.1.2)
      tty-cursor (~> 0.5.0)
      tty-reader (~> 0.1.0)
    tty-reader (0.1.0)
      wisper (~> 2.0.0)
    unf (0.1.4)
      unf_ext
    unf_ext (0.0.7.2)
    uuidtools (2.1.5)
    webrobots (0.1.2)
    wisper (2.0.0)

PLATFORMS
  ruby

DEPENDENCIES
  bcrypt
  bundler
  data_mapper
  dm-migrations
  dm-noisy-failures
  dm-sqlite-adapter
  mechanize
  sinatra
  sinatra-websocket
  tty-prompt

BUNDLED WITH
   1.16.0
